PATH
  remote: .
  specs:
    opener-social-media-classifier (0.0.1)
      opener-build-tools
      rake

GEM
  remote: https://rubygems.org/
  remote: https://opener:Aek0YeeGup0ceephohcieW0eichiGha2Thoo0lohshunae9emaikeitainooleap@geminabox.olery.com/
  specs:
    builder (3.2.2)
    coderay (1.1.0)
    cucumber (1.3.14)
      builder (>= 2.1.2)
      diff-lcs (>= 1.1.3)
      gherkin (~> 2.12)
      multi_json (>= 1.7.5, < 2.0)
      multi_test (>= 0.1.1)
    diff-lcs (1.2.5)
    gherkin (2.12.2)
      multi_json (~> 1.3)
    gherkin (2.12.2-java)
      multi_json (~> 1.3)
    method_source (0.8.2)
    multi_json (1.9.2)
    multi_test (0.1.1)
    opener-build-tools (0.4.1)
      rake
    pry (0.9.12.6)
      coderay (~> 1.0)
      method_source (~> 0.8)
      slop (~> 3.4)
    rake (10.2.2)
    rspec (2.14.1)
      rspec-core (~> 2.14.0)
      rspec-expectations (~> 2.14.0)
      rspec-mocks (~> 2.14.0)
    rspec-core (2.14.8)
    rspec-expectations (2.14.5)
      diff-lcs (>= 1.1.3, < 2.0)
    rspec-mocks (2.14.6)
    slop (3.5.0)

PLATFORMS
  java
  ruby

DEPENDENCIES
  cucumber
  opener-social-media-classifier!
  pry
  rspec
